GEM
  remote: https://rubygems.org/
  specs:
    capistrano (2.14.2)
      highline
      net-scp (>= 1.0.0)
      net-sftp (>= 2.0.0)
      net-ssh (>= 2.0.14)
      net-ssh-gateway (>= 1.1.0)
    capistrano-chef (0.0.8)
      capistrano (>= 2)
      chef (>= 0.10.10)
    capistrano-node-deploy (1.2.4)
      multi_json (~> 1.3.6)
      railsless-deploy (~> 1.0.2)
    chef (11.4.0)
      erubis
      highline (>= 1.6.9)
      json (>= 1.4.4, <= 1.7.7)
      mixlib-authentication (>= 1.3.0)
      mixlib-cli (~> 1.3.0)
      mixlib-config (>= 1.1.2)
      mixlib-log (>= 1.3.0)
      mixlib-shellout
      net-ssh (~> 2.6)
      net-ssh-multi (~> 1.1.0)
      ohai (>= 0.6.0)
      rest-client (>= 1.0.4, < 1.7.0)
      yajl-ruby (~> 1.1)
    erubis (2.7.0)
    highline (1.6.16)
    ipaddress (0.8.0)
    json (1.7.7)
    mime-types (1.22)
    mixlib-authentication (1.3.0)
      mixlib-log
    mixlib-cli (1.3.0)
    mixlib-config (1.1.2)
    mixlib-log (1.6.0)
    mixlib-shellout (1.1.0)
    multi_json (1.3.7)
    net-scp (1.1.0)
      net-ssh (>= 2.6.5)
    net-sftp (2.1.1)
      net-ssh (>= 2.6.5)
    net-ssh (2.6.6)
    net-ssh-gateway (1.2.0)
      net-ssh (>= 2.6.5)
    net-ssh-multi (1.1)
      net-ssh (>= 2.1.4)
      net-ssh-gateway (>= 0.99.0)
    ohai (6.16.0)
      ipaddress
      mixlib-cli
      mixlib-config
      mixlib-log
      mixlib-shellout
      systemu
      yajl-ruby
    railsless-deploy (1.0.2)
    rest-client (1.6.7)
      mime-types (>= 1.16)
    systemu (2.5.2)
    yajl-ruby (1.1.0)

PLATFORMS
  ruby

DEPENDENCIES
  capistrano
  capistrano-chef
  capistrano-node-deploy
